GEM
  remote: http://rubygems.org/
  specs:
    fat_fingers (0.1.12)
    i18n (0.6.1)
    mail (2.5.3)
      i18n (>= 0.4.0)
      mime-types (~> 1.16)
      treetop (~> 1.4.8)
    mime-types (1.21)
    mustermann (3.0.0)
      ruby2_keywords (~> 0.0.1)
    polyglot (0.3.3)
    pony (1.4)
      mail (> 2.0)
    rack (2.2.4)
    rack-protection (3.0.2)
      rack
    ruby2_keywords (0.0.5)
    sinatra (3.0.2)
      mustermann (~> 3.0)
      rack (~> 2.2, >= 2.2.4)
      rack-protection (= 3.0.2)
      tilt (~> 2.0)
    tilt (2.0.11)
    treetop (1.4.12)
      polyglot
      polyglot (>= 0.3.1)

PLATFORMS
  ruby

DEPENDENCIES
  fat_fingers
  pony
  sinatra

BUNDLED WITH
   2.1.4
